GEM
  remote: https://rubygems.org/
  specs:
    i18n (0.6.4)
    logger (1.2.8)
    mysql2 (0.3.11)
    rack (1.5.2)
    rack-protection (1.4.0)
      rack
    russian (0.6.0)
      i18n (>= 0.5.0)
    sequel (3.45.0)
    sinatra (1.3.5)
      rack (~> 1.4)
      rack-protection (~> 1.3)
      tilt (~> 1.3, >= 1.3.3)
    tilt (1.3.4)

PLATFORMS
  ruby

DEPENDENCIES
  logger
  mysql2
  russian
  sequel
  sinatra
